PATH
  remote: .
  specs:
    fattr (3.0.0)

GEM
  remote: https://rubygems.org/
  specs:
    docile (1.1.5)
    json (2.0.2)
    minitest (5.10.1)
    rake (10.5.0)
    rdoc (4.3.0)
    simplecov (0.12.0)
      docile (~> 1.1.0)
      json (>= 1.8, < 3)
      simplecov-html (~> 0.10.0)
    simplecov-html (0.10.0)

PLATFORMS
  ruby

DEPENDENCIES
  fattr!
  minitest (~> 5.7)
  rake (~> 10.3)
  rdoc (~> 4.1)
  simplecov (~> 0.10)

BUNDLED WITH
   1.13.6
